GIT
  remote: https://github.com/seuros/capistrano-puma.git
  revision: 00708fa18a029cb34f46aef60f920106c0c00107
  specs:
    capistrano3-puma (3.1.0)
      capistrano (~> 3.7)
      capistrano-bundler
      puma (~> 3.4)

GIT
  remote: https://github.com/ssnake/threads_pad.git
  revision: 500072acc259095b9d21bd3600f460aaf0979bba
  specs:
    threads_pad (0.2.3)
      rails (~> 5.0.2)

GEM
  remote: https://rubygems.org/
  specs:
    acme-client (0.6.1)
      faraday (~> 0.9, >= 0.9.1)
    actioncable (5.0.4)
      actionpack (= 5.0.4)
      nio4r (>= 1.2, < 3.0)
      websocket-driver (~> 0.6.1)
    actionmailer (5.0.4)
      actionpack (= 5.0.4)
      actionview (= 5.0.4)
      activejob (= 5.0.4)
      mail (~> 2.5, >= 2.5.4)
      rails-dom-testing (~> 2.0)
    actionpack (5.0.4)
      actionview (= 5.0.4)
      activesupport (= 5.0.4)
      rack (~> 2.0)
      rack-test (~> 0.6.3)
      rails-dom-testing (~> 2.0)
      rails-html-sanitizer (~> 1.0, >= 1.0.2)
    actionview (5.0.4)
      activesupport (= 5.0.4)
      builder (~> 3.1)
      erubis (~> 2.7.0)
      rails-dom-testing (~> 2.0)
      rails-html-sanitizer (~> 1.0, >= 1.0.3)
    activejob (5.0.4)
      activesupport (= 5.0.4)
      globalid (>= 0.3.6)
    activemodel (5.0.4)
      activesupport (= 5.0.4)
    activerecord (5.0.4)
      activemodel (= 5.0.4)
      activesupport (= 5.0.4)
      arel (~> 7.0)
    activesupport (5.0.4)
      concurrent-ruby (~> 1.0, >= 1.0.2)
      i18n (~> 0.7)
      minitest (~> 5.1)
      tzinfo (~> 1.1)
    airbrussh (1.3.0)
      sshkit (>= 1.6.1, != 1.7.0)
    ajax-datatables-rails (0.4.0)
      railties (>= 4.0)
    arel (7.1.4)
    autoprefixer-rails (7.1.1.2)
      execjs
    bootstrap-sass (3.3.7)
      autoprefixer-rails (>= 5.2.1)
      sass (>= 3.3.4)
    builder (3.2.3)
    byebug (9.0.6)
    capistrano (3.8.2)
      airbrussh (>= 1.0.0)
      i18n
      rake (>= 10.0.0)
      sshkit (>= 1.9.0)
    capistrano-bundler (1.2.0)
      capistrano (~> 3.1)
      sshkit (~> 1.2)
    capistrano-lets-encrypt (0.3.0)
      capistrano (>= 3.0.0)
      letsencrypt-cli (>= 0.1.4)
    capistrano-rbenv (2.1.1)
      capistrano (~> 3.1)
      sshkit (~> 1.3)
    chartkick (2.2.4)
    coffee-rails (4.2.2)
      coffee-script (>= 2.2.0)
      railties (>= 4.0.0)
    coffee-script (2.4.1)
      coffee-script-source
      execjs
    coffee-script-source (1.12.2)
    colorize (0.8.1)
    concurrent-ruby (1.0.5)
    dotenv (2.2.0)
    dotenv-rails (2.2.0)
      dotenv (= 2.2.0)
      railties (>= 3.2, < 5.1)
    erubis (2.7.0)
    execjs (2.7.0)
    faraday (0.12.1)
      multipart-post (>= 1.2, < 3)
    ffi (1.9.18)
    globalid (0.4.0)
      activesupport (>= 4.2.0)
    haml (5.0.1)
      temple (>= 0.8.0)
      tilt
    haml-rails (1.0.0)
      actionpack (>= 4.0.1)
      activesupport (>= 4.0.1)
      haml (>= 4.0.6, < 6.0)
      html2haml (>= 1.0.1)
      railties (>= 4.0.1)
    html2haml (2.2.0)
      erubis (~> 2.7.0)
      haml (>= 4.0, < 6)
      nokogiri (>= 1.6.0)
      ruby_parser (~> 3.5)
    i18n (0.8.4)
    jbuilder (2.7.0)
      activesupport (>= 4.2.0)
      multi_json (>= 1.2)
    jquery-datatables-rails (3.4.0)
      actionpack (>= 3.1)
      jquery-rails
      railties (>= 3.1)
      sass-rails
    jquery-rails (4.3.1)
      rails-dom-testing (>= 1, < 3)
      railties (>= 4.2.0)
      thor (>= 0.14, < 2.0)
    letsencrypt-cli (0.4.1)
      acme-client (>= 0.2.4)
      colorize
      thor
    libv8 (3.16.14.19)
    listen (3.0.8)
      rb-fsevent (~> 0.9, >= 0.9.4)
      rb-inotify (~> 0.9, >= 0.9.7)
    loofah (2.0.3)
      nokogiri (>= 1.5.9)
    mail (2.6.6)
      mime-types (>= 1.16, < 4)
    method_source (0.8.2)
    mime-types (3.1)
      mime-types-data (~> 3.2015)
    mime-types-data (3.2016.0521)
    mini_portile2 (2.2.0)
    minitest (5.10.2)
    multi_json (1.12.1)
    multipart-post (2.0.0)
    net-scp (1.2.1)
      net-ssh (>= 2.6.5)
    net-ssh (4.1.0)
    nio4r (2.1.0)
    nokogiri (1.8.0)
      mini_portile2 (~> 2.2.0)
    pg (0.21.0)
    puma (3.9.1)
    rack (2.0.3)
    rack-test (0.6.3)
      rack (>= 1.0)
    rails (5.0.4)
      actioncable (= 5.0.4)
      actionmailer (= 5.0.4)
      actionpack (= 5.0.4)
      actionview (= 5.0.4)
      activejob (= 5.0.4)
      activemodel (= 5.0.4)
      activerecord (= 5.0.4)
      activesupport (= 5.0.4)
      bundler (>= 1.3.0, < 2.0)
      railties (= 5.0.4)
      sprockets-rails (>= 2.0.0)
    rails-dom-testing (2.0.3)
      activesupport (>= 4.2.0)
      nokogiri (>= 1.6)
    rails-html-sanitizer (1.0.3)
      loofah (~> 2.0)
    railties (5.0.4)
      actionpack (= 5.0.4)
      activesupport (= 5.0.4)
      method_source
      rake (>= 0.8.7)
      thor (>= 0.18.1, < 2.0)
    rake (12.0.0)
    rb-fsevent (0.9.8)
    rb-inotify (0.9.10)
      ffi (>= 0.5.0, < 2)
    ref (2.0.0)
    ruby_parser (3.9.0)
      sexp_processor (~> 4.1)
    sass (3.4.24)
    sass-rails (5.0.6)
      railties (>= 4.0.0, < 6)
      sass (~> 3.1)
      sprockets (>= 2.8, < 4.0)
      sprockets-rails (>= 2.0, < 4.0)
      tilt (>= 1.1, < 3)
    sexp_processor (4.9.0)
    spring (2.0.2)
      activesupport (>= 4.2)
    spring-watcher-listen (2.0.1)
      listen (>= 2.7, < 4.0)
      spring (>= 1.2, < 3.0)
    sprockets (3.7.1)
      concurrent-ruby (~> 1.0)
      rack (> 1, < 3)
    sprockets-rails (3.2.0)
      actionpack (>= 4.0)
      activesupport (>= 4.0)
      sprockets (>= 3.0.0)
    sshkit (1.13.1)
      net-scp (>= 1.1.2)
      net-ssh (>= 2.8.0)
    sshkit-sudo (0.1.0)
      sshkit (~> 1.8)
    temple (0.8.0)
    therubyracer (0.12.3)
      libv8 (~> 3.16.14.15)
      ref
    thor (0.19.4)
    thread_safe (0.3.6)
    tilt (2.0.7)
    turbolinks (5.0.1)
      turbolinks-source (~> 5)
    turbolinks-source (5.0.3)
    tzinfo (1.2.3)
      thread_safe (~> 0.1)
    uglifier (3.2.0)
      execjs (>= 0.3.0, < 3)
    websocket-driver (0.6.5)
      websocket-extensions (>= 0.1.0)
    websocket-extensions (0.1.2)

PLATFORMS
  ruby

DEPENDENCIES
  ajax-datatables-rails
  bootstrap-sass (~> 3.3.6)
  byebug
  capistrano (~> 3.8)
  capistrano-lets-encrypt
  capistrano-rbenv (~> 2.0)
  capistrano3-puma!
  chartkick
  coffee-rails (~> 4.2)
  dotenv-rails
  haml-rails
  jbuilder (~> 2.5)
  jquery-datatables-rails
  jquery-rails
  listen (~> 3.0.5)
  pg
  puma (~> 3.0)
  rails (~> 5.0.2)
  sass-rails (~> 5.0)
  spring
  spring-watcher-listen (~> 2.0.0)
  sshkit-sudo
  therubyracer
  threads_pad!
  turbolinks (~> 5)
  tzinfo-data
  uglifier (>= 1.3.0)

BUNDLED WITH
   1.12.5
